GIT
  remote: git@github.com:shwaka/gem_test_hola.git
  revision: 7f4958f4fee8d970e53ecd25caee1d4ee04f8252
  ref: 7f4958f4fee8d970e53ecd25caee1d4ee04f8252
  specs:
    hola (0.0.1)

GEM
  remote: https://rubygems.org/
  specs:

PLATFORMS
  ruby

DEPENDENCIES
  hola!

BUNDLED WITH
   1.17.2
